GEM
  remote: http://rubygems.org/
  specs:
    albino (1.3.3)
      posix-spawn (>= 0.3.6)
    autorefresh (1.0.0)
      pusher (>= 0.7.0)
      watchr (>= 0.7)
    ffi (1.1.5)
    listen (0.4.7)
      rb-fchange (~> 0.0.5)
      rb-fsevent (~> 0.9.1)
      rb-inotify (~> 0.8.8)
    multi_json (1.6.1)
    posix-spawn (0.3.6)
    pusher (0.11.3)
      multi_json (~> 1.0)
      signature (~> 0.1.6)
    rb-fchange (0.0.5)
      ffi
    rb-fsevent (0.9.1)
    rb-inotify (0.8.8)
      ffi (>= 0.5.0)
    rcodetools (0.8.5.0)
    signature (0.1.6)
    slim (1.0.3)
      temple (~> 0.3.4)
      tilt (~> 1.3.2)
    temple (0.3.4)
    thor (0.14.6)
    tilt (1.3.3)
    watchr (0.7)

PLATFORMS
  ruby

DEPENDENCIES
  albino
  autorefresh
  listen
  rcodetools
  slim
  thor
